GEM
  remote: https://rubygems.org/
  specs:
    activesupport (6.0.2.2)
      concurrent-ruby (~> 1.0, >= 1.0.2)
      i18n (>= 0.7, < 2)
      minitest (~> 5.1)
      tzinfo (~> 1.1)
      zeitwerk (~> 2.2)
    concurrent-ruby (1.1.6)
    i18n (1.8.2)
      concurrent-ruby (~> 1.0)
    iniparser (1.0.1)
    kramdown (2.2.1)
      rexml
    logutils (0.6.1)
    markdown (1.2.0)
      kramdown (>= 1.5.0)
      props (>= 1.1.2)
      textutils (>= 0.10.0)
    minitest (5.14.0)
    props (1.2.0)
      iniparser (>= 0.1.0)
    rexml (3.2.4)
    rss (0.2.9)
      rexml
    rubyzip (2.3.0)
    textutils (1.4.0)
      activesupport
      logutils (>= 0.6.1)
      props (>= 1.1.2)
      rubyzip (>= 1.0.0)
    thread_safe (0.3.6)
    tilt (2.0.10)
    tzinfo (1.2.7)
      thread_safe (~> 0.1)
    zeitwerk (2.3.0)

PLATFORMS
  ruby
  x86-mingw32

DEPENDENCIES
  markdown
  rss
  tilt

BUNDLED WITH
   2.1.4
