GEM
  remote: https://rubygems.org/
  specs:
    activesupport (7.0.1)
      concurrent-ruby (~> 1.0, >= 1.0.2)
      i18n (>= 1.6, < 2)
      minitest (>= 5.1)
      tzinfo (~> 2.0)
    concurrent-ruby (1.1.9)
    i18n (1.8.11)
      concurrent-ruby (~> 1.0)
    kramdown (2.3.1)
      rexml
    minitest (5.15.0)
    rexml (3.2.5)
    rss (0.2.9)
      rexml
    tilt (2.0.10)
    tzinfo (2.0.4)
      concurrent-ruby (~> 1.0)

PLATFORMS
  ruby
  x86-mingw32

DEPENDENCIES
  activesupport (>= 6.0.3.1)
  kramdown
  rss
  tilt

BUNDLED WITH
   2.3.3
