GEM
  remote: https://rubygems.org/
  specs:
    activesupport (6.0.3.1)
      concurrent-ruby (~> 1.0, >= 1.0.2)
      i18n (>= 0.7, < 2)
      minitest (~> 5.1)
      tzinfo (~> 1.1)
      zeitwerk (~> 2.2, >= 2.2.2)
    concurrent-ruby (1.1.6)
    i18n (1.8.2)
      concurrent-ruby (~> 1.0)
    kramdown (2.3.0)
      rexml
    minitest (5.14.1)
    rexml (3.2.4)
    rss (0.2.9)
      rexml
    thread_safe (0.3.6)
    tilt (2.0.10)
    tzinfo (1.2.7)
      thread_safe (~> 0.1)
    zeitwerk (2.3.0)

PLATFORMS
  ruby
  x86-mingw32

DEPENDENCIES
  activesupport (>= 6.0.3.1)
  kramdown
  rss
  tilt

BUNDLED WITH
   2.1.4
